PATH
  remote: .
  specs:
    structured_warnings (0.3.0)

GEM
  remote: https://rubygems.org/
  specs:
    minitest (5.10.1)
    power_assert (1.0.1)
    rake (10.5.0)
    test-unit (3.2.3)
      power_assert

PLATFORMS
  java
  ruby

DEPENDENCIES
  bundler (~> 1.14)
  minitest (~> 5.0)
  rake (~> 10.0)
  structured_warnings!
  test-unit (~> 3.2)

BUNDLED WITH
   1.14.6
