PATH
  remote: .
  specs:
    structured_warnings (0.3.0)

GEM
  remote: https://rubygems.org/
  specs:
    minitest (5.11.3)
    power_assert (1.1.5)
    rake (10.5.0)
    test-unit (3.3.3)
      power_assert

PLATFORMS
  ruby

DEPENDENCIES
  bundler (~> 1.14)
  minitest (~> 5.0)
  rake (~> 10.0)
  structured_warnings!
  test-unit (~> 3.2)

BUNDLED WITH
   1.17.3
