PATH
  remote: .
  specs:
    structured_warnings (0.4.0)

GEM
  remote: https://rubygems.org/
  specs:
    minitest (5.25.5)
    power_assert (2.0.5)
    rake (13.2.1)
    test-unit (3.6.8)
      power_assert

PLATFORMS
  ruby

DEPENDENCIES
  bundler (~> 2.1)
  minitest (~> 5.0)
  rake (~> 13.0)
  structured_warnings!
  test-unit (~> 3.0)

BUNDLED WITH
   2.6.2
