PATH
  remote: .
  specs:
    structured_warnings (0.4.0)

GEM
  remote: https://rubygems.org/
  specs:
    minitest (5.14.0)
    power_assert (1.1.6)
    rake (13.0.1)
    test-unit (3.3.5)
      power_assert

PLATFORMS
  ruby

DEPENDENCIES
  bundler (~> 2.1)
  minitest (~> 5.0)
  rake (~> 13.0)
  structured_warnings!
  test-unit (~> 3.0)

BUNDLED WITH
   2.1.4
